GEM
  remote: https://rubygems.org/
  specs:
    easing (0.1.0)
    minitest (5.14.4)

PLATFORMS
  x86_64-darwin-19

DEPENDENCIES
  easing
  minitest

BUNDLED WITH
   2.2.15
